STORAGE: NONE
RESTRICTION: || (== net471) (== net8.0)
NUGET
  remote: https://api.nuget.org/v3/index.json
    Aardvark.Base (5.3.8)
      Aardvark.Base.Telemetry (5.3.8)
      SingleFileExtractor.Core (>= 2.2.1 < 2.3)
      System.Collections.Immutable (>= 8.0)
      System.Reflection.Metadata (>= 8.0)
      System.Text.Json (>= 8.0.5)
    Aardvark.Base.Telemetry (5.3.8)
    Aardvark.Build (2.0.3)
    Microsoft.Bcl.AsyncInterfaces (9.0.3) - restriction: || (== net471) (&& (== net8.0) (>= net462))
      System.Threading.Tasks.Extensions (>= 4.5.4) - restriction: || (== net471) (&& (== net8.0) (>= net462)) (&& (== net8.0) (< netstandard2.1))
    SingleFileExtractor.Core (2.2.1)
      System.Memory (>= 4.5.5) - restriction: || (== net471) (&& (== net8.0) (< netstandard2.1))
    System.Buffers (4.6.1) - restriction: || (== net471) (&& (== net8.0) (>= monotouch)) (&& (== net8.0) (>= net461)) (&& (== net8.0) (>= net462)) (&& (== net8.0) (< netcoreapp2.0)) (&& (== net8.0) (< netstandard1.1)) (&& (== net8.0) (< netstandard2.0)) (&& (== net8.0) (>= xamarinios)) (&& (== net8.0) (>= xamarinmac)) (&& (== net8.0) (>= xamarintvos)) (&& (== net8.0) (>= xamarinwatchos))
    System.Collections.Immutable (9.0.3)
      System.Memory (>= 4.5.5) - restriction: || (== net471) (&& (== net8.0) (>= net462))
      System.Runtime.CompilerServices.Unsafe (>= 6.0) - restriction: || (== net471) (&& (== net8.0) (>= net462))
    System.IO.Pipelines (9.0.3)
      System.Buffers (>= 4.5.1) - restriction: || (== net471) (&& (== net8.0) (>= net462))
      System.Memory (>= 4.5.5) - restriction: || (== net471) (&& (== net8.0) (>= net462))
      System.Threading.Tasks.Extensions (>= 4.5.4) - restriction: || (== net471) (&& (== net8.0) (>= net462))
    System.Memory (4.5.5)
      System.Buffers (>= 4.5.1) - restriction: || (== net471) (&& (== net8.0) (>= monotouch)) (&& (== net8.0) (>= net461)) (&& (== net8.0) (< netcoreapp2.0)) (&& (== net8.0) (< netstandard1.1)) (&& (== net8.0) (< netstandard2.0)) (&& (== net8.0) (>= xamarinios)) (&& (== net8.0) (>= xamarinmac)) (&& (== net8.0) (>= xamarintvos)) (&& (== net8.0) (>= xamarinwatchos))
      System.Numerics.Vectors (>= 4.5) - restriction: || (== net471) (&& (== net8.0) (>= net461))
      System.Runtime.CompilerServices.Unsafe (>= 4.5.3) - restriction: || (== net471) (&& (== net8.0) (>= monotouch)) (&& (== net8.0) (>= net461)) (&& (== net8.0) (< netcoreapp2.0)) (&& (== net8.0) (< netcoreapp2.1)) (&& (== net8.0) (< netstandard1.1)) (&& (== net8.0) (< netstandard2.0)) (&& (== net8.0) (>= uap10.1)) (&& (== net8.0) (>= xamarinios)) (&& (== net8.0) (>= xamarinmac)) (&& (== net8.0) (>= xamarintvos)) (&& (== net8.0) (>= xamarinwatchos))
    System.Numerics.Vectors (4.5)
    System.Reflection.Metadata (9.0.3)
      System.Collections.Immutable (>= 9.0.3)
      System.Memory (>= 4.5.5) - restriction: || (== net471) (&& (== net8.0) (>= net462))
    System.Runtime.CompilerServices.Unsafe (6.0)
    System.Text.Encodings.Web (9.0.3)
      System.Buffers (>= 4.5.1) - restriction: || (== net471) (&& (== net8.0) (>= net462))
      System.Memory (>= 4.5.5) - restriction: || (== net471) (&& (== net8.0) (>= net462))
      System.Runtime.CompilerServices.Unsafe (>= 6.0) - restriction: || (== net471) (&& (== net8.0) (>= net462))
    System.Text.Json (9.0.3)
      Microsoft.Bcl.AsyncInterfaces (>= 9.0.3) - restriction: || (== net471) (&& (== net8.0) (>= net462))
      System.Buffers (>= 4.5.1) - restriction: || (== net471) (&& (== net8.0) (>= net462))
      System.IO.Pipelines (>= 9.0.3)
      System.Memory (>= 4.5.5) - restriction: || (== net471) (&& (== net8.0) (>= net462))
      System.Runtime.CompilerServices.Unsafe (>= 6.0) - restriction: || (== net471) (&& (== net8.0) (>= net462))
      System.Text.Encodings.Web (>= 9.0.3)
      System.Threading.Tasks.Extensions (>= 4.5.4) - restriction: || (== net471) (&& (== net8.0) (>= net462))
      System.ValueTuple (>= 4.5) - restriction: || (== net471) (&& (== net8.0) (>= net462))
    System.Threading.Tasks.Extensions (4.5.4) - restriction: || (== net471) (&& (== net8.0) (>= net462))
      System.Runtime.CompilerServices.Unsafe (>= 4.5.3) - restriction: || (== net471) (&& (== net8.0) (>= net461)) (&& (== net8.0) (< netcoreapp2.1)) (&& (== net8.0) (< netstandard1.0)) (&& (== net8.0) (< netstandard2.0)) (&& (== net8.0) (>= wp8))
    System.ValueTuple (4.6.1) - restriction: || (== net471) (&& (== net8.0) (>= net462))

GROUP Tests
STORAGE: NONE
RESTRICTION: == net8.0
NUGET
  remote: https://api.nuget.org/v3/index.json
    Microsoft.ApplicationInsights (2.23)
      System.Diagnostics.DiagnosticSource (>= 5.0)
    Microsoft.CodeCoverage (17.13)
    Microsoft.NET.Test.Sdk (17.10)
      Microsoft.CodeCoverage (>= 17.10)
      Microsoft.TestPlatform.TestHost (>= 17.10)
    Microsoft.Testing.Extensions.Telemetry (1.6.3)
      Microsoft.ApplicationInsights (>= 2.22)
      Microsoft.Testing.Platform (>= 1.6.3)
    Microsoft.Testing.Extensions.TrxReport.Abstractions (1.6.3)
      Microsoft.Testing.Platform (>= 1.6.3)
    Microsoft.Testing.Extensions.VSTestBridge (1.6.3)
      Microsoft.Testing.Extensions.Telemetry (>= 1.6.3)
      Microsoft.Testing.Extensions.TrxReport.Abstractions (>= 1.6.3)
      Microsoft.Testing.Platform (>= 1.6.3)
      Microsoft.TestPlatform.ObjectModel (>= 17.13)
    Microsoft.Testing.Platform (1.6.3)
    Microsoft.Testing.Platform.MSBuild (1.6.3)
      Microsoft.Testing.Platform (>= 1.6.3)
    Microsoft.TestPlatform.ObjectModel (17.13)
      System.Reflection.Metadata (>= 1.6)
    Microsoft.TestPlatform.TestHost (17.13)
      Microsoft.TestPlatform.ObjectModel (>= 17.13)
      Newtonsoft.Json (>= 13.0.1)
    Newtonsoft.Json (13.0.3)
    NUnit (4.3.2)
    NUnit3TestAdapter (5.0)
      Microsoft.Testing.Extensions.VSTestBridge (>= 1.5.3)
      Microsoft.Testing.Platform.MSBuild (>= 1.5.3)
    OpenTK.Mathematics (4.9.4)
      System.Runtime.CompilerServices.Unsafe (>= 6.0)
    System.Collections.Immutable (9.0.3)
    System.Diagnostics.DiagnosticSource (9.0.3)
    System.Reflection.Metadata (9.0.3)
      System.Collections.Immutable (>= 9.0.3)
    System.Runtime.CompilerServices.Unsafe (6.1.1)
